GEM
  remote: https://rubygems.org/
  specs:
    backports (3.8.0)
    configurability (3.2.0)
      loggability (~> 0.12)
    loggability (0.14.0)
    multi_json (1.12.1)
    mustermann (1.0.0)
    pg (0.21.0)
    rack (2.0.3)
    rack-protection (2.0.0)
      rack
    rouge (2.2.1)
    sequel (4.49.0)
    sinatra (2.0.0)
      mustermann (~> 1.0)
      rack (~> 2.0)
      rack-protection (= 2.0.0)
      tilt (~> 2.0)
    sinatra-contrib (2.0.0)
      backports (>= 2.0)
      multi_json
      mustermann (~> 1.0)
      rack-protection (= 2.0.0)
      sinatra (= 2.0.0)
      tilt (>= 1.3, < 3)
    sinatra-reloader (1.0)
      sinatra-contrib
    tilt (2.0.8)

PLATFORMS
  ruby

DEPENDENCIES
  configurability
  pg
  rouge
  sequel
  sinatra
  sinatra-reloader

BUNDLED WITH
   1.15.4
